GEM
  remote: https://rubygems.org/
  specs:
    addressable (2.8.7)
      public_suffix (>= 2.0.2, < 7.0)
    concurrent-ruby (1.3.4)
    crass (1.0.6)
    faraday (2.12.0)
      faraday-net_http (>= 2.0, < 3.4)
      json
      logger
    faraday-follow_redirects (0.3.0)
      faraday (>= 1, < 3)
    faraday-net_http (3.3.0)
      net-http
    html2rss (0.16.0)
      addressable (~> 2.7)
      faraday (> 2.0.1, < 3.0)
      faraday-follow_redirects
      kramdown
      mime-types (> 3.0)
      nokogiri (>= 1.10, < 2.0)
      parallel
      puppeteer-ruby
      regexp_parser
      reverse_markdown (~> 3.0)
      rss
      sanitize (~> 6.0)
      thor
      tzinfo
      zeitwerk (~> 2.6.0)
    json (2.7.5)
    kramdown (2.4.0)
      rexml
    logger (1.6.1)
    mime-types (3.6.0)
      logger
      mime-types-data (~> 3.2015)
    mime-types-data (3.2024.1001)
    mini_portile2 (2.8.7)
    net-http (0.4.1)
      uri
    nokogiri (1.16.7)
      mini_portile2 (~> 2.8.2)
      racc (~> 1.4)
    parallel (1.26.3)
    public_suffix (6.0.1)
    puppeteer-ruby (0.45.6)
      concurrent-ruby (>= 1.1, < 1.4)
      mime-types (>= 3.0)
      websocket-driver (>= 0.6.0)
    racc (1.8.1)
    regexp_parser (2.9.2)
    reverse_markdown (3.0.0)
      nokogiri
    rexml (3.3.9)
    rss (0.3.1)
      rexml
    sanitize (6.1.3)
      crass (~> 1.0.2)
      nokogiri (>= 1.12.0)
    thor (1.3.2)
    tzinfo (2.0.6)
      concurrent-ruby (~> 1.0)
    uri (0.13.1)
    websocket-driver (0.7.6)
      websocket-extensions (>= 0.1.0)
    websocket-extensions (0.1.5)
    zeitwerk (2.6.18)

PLATFORMS
  ruby

DEPENDENCIES
  html2rss (~> 0.16.0)

BUNDLED WITH
   2.5.18
